GEM
  remote: https://rubygems.org/
  specs:
    active_support (3.0.0)
      activesupport (= 3.0.0)
    activesupport (3.0.0)
    builder (3.2.0)
    dotenv (0.7.0)
    excon (0.21.0)
    fog (1.11.1)
      builder
      excon (~> 0.20)
      formatador (~> 0.2.0)
      json (~> 1.7)
      mime-types
      net-scp (~> 1.1)
      net-ssh (>= 2.1.3)
      nokogiri (~> 1.5.0)
      ruby-hmac
    formatador (0.2.4)
    i18n (0.6.4)
    json (1.7.7)
    mime-types (1.23)
    multi_json (1.7.3)
    mysql2 (0.3.11)
    net-scp (1.1.0)
      net-ssh (>= 2.6.5)
    net-ssh (2.6.7)
    nokogiri (1.5.9)
    ruby-hmac (0.4.0)

PLATFORMS
  ruby

DEPENDENCIES
  active_support
  dotenv
  fog
  i18n
  multi_json
  mysql2
